PATH
  remote: .
  specs:
    constrinator (0.1.0)
      google-cloud-resource_manager (~> 0.33.0)
      pastel (~> 0.7.2)
      thor (~> 0.20.0)
      tty-box (~> 0.4.1)
      tty-color (~> 0.5)
      tty-command (~> 0.9.0)
      tty-config (~> 0.3.2)
      tty-cursor (~> 0.7)
      tty-editor (~> 0.5)
      tty-file (~> 0.8.0)
      tty-font (~> 0.4.0)
      tty-logger (~> 0.2.0)
      tty-markdown (~> 0.6.0)
      tty-pager (~> 0.12)
      tty-pie (~> 0.3.0)
      tty-platform (~> 0.2)
      tty-progressbar (~> 0.17)
      tty-prompt (~> 0.19)
      tty-screen (~> 0.7)
      tty-spinner (~> 0.9)
      tty-table (~> 0.11.0)
      tty-tree (~> 0.3)
      tty-which (~> 0.4)

GEM
  remote: https://rubygems.org/
  specs:
    addressable (2.7.0)
      public_suffix (>= 2.0.2, < 5.0)
    coderay (1.1.3)
    declarative (0.0.20)
    declarative-option (0.1.0)
    diff-lcs (1.4.4)
    equatable (0.6.1)
    faraday (1.0.1)
      multipart-post (>= 1.2, < 3)
    google-api-client (0.42.2)
      addressable (~> 2.5, >= 2.5.1)
      googleauth (~> 0.9)
      httpclient (>= 2.8.1, < 3.0)
      mini_mime (~> 1.0)
      representable (~> 3.0)
      retriable (>= 2.0, < 4.0)
      signet (~> 0.12)
    google-cloud-core (1.5.0)
      google-cloud-env (~> 1.0)
      google-cloud-errors (~> 1.0)
    google-cloud-env (1.3.3)
      faraday (>= 0.17.3, < 2.0)
    google-cloud-errors (1.0.1)
    google-cloud-resource_manager (0.33.3)
      google-api-client (~> 0.33)
      google-cloud-core (~> 1.2)
      googleauth (~> 0.9)
    googleauth (0.13.0)
      faraday (>= 0.17.3, < 2.0)
      jwt (>= 1.4, < 3.0)
      memoist (~> 0.16)
      multi_json (~> 1.11)
      os (>= 0.9, < 2.0)
      signet (~> 0.14)
    httpclient (2.8.3)
    jwt (2.2.1)
    kramdown (1.16.2)
    memoist (0.16.2)
    method_source (0.9.2)
    mini_mime (1.0.2)
    multi_json (1.15.0)
    multipart-post (2.1.1)
    necromancer (0.5.1)
    os (1.1.0)
    pastel (0.7.4)
      equatable (~> 0.6)
      tty-color (~> 0.5)
    pry (0.12.2)
      coderay (~> 1.1.0)
      method_source (~> 0.9.0)
    public_suffix (4.0.5)
    rake (10.5.0)
    representable (3.0.4)
      declarative (< 0.1.0)
      declarative-option (< 0.2.0)
      uber (< 0.2.0)
    retriable (3.1.2)
    rouge (3.21.0)
    rspec (3.9.0)
      rspec-core (~> 3.9.0)
      rspec-expectations (~> 3.9.0)
      rspec-mocks (~> 3.9.0)
    rspec-core (3.9.2)
      rspec-support (~> 3.9.3)
    rspec-expectations (3.9.2)
      diff-lcs (>= 1.2.0, < 2.0)
      rspec-support (~> 3.9.0)
    rspec-mocks (3.9.1)
      diff-lcs (>= 1.2.0, < 2.0)
      rspec-support (~> 3.9.0)
    rspec-support (3.9.3)
    signet (0.14.0)
      addressable (~> 2.3)
      faraday (>= 0.17.3, < 2.0)
      jwt (>= 1.5, < 3.0)
      multi_json (~> 1.10)
    strings (0.1.8)
      strings-ansi (~> 0.1)
      unicode-display_width (~> 1.5)
      unicode_utils (~> 1.4)
    strings-ansi (0.1.0)
    thor (0.20.3)
    tty-box (0.4.1)
      pastel (~> 0.7.2)
      strings (~> 0.1.6)
      tty-cursor (~> 0.7)
    tty-color (0.5.1)
    tty-command (0.9.0)
      pastel (~> 0.7.0)
    tty-config (0.3.2)
    tty-cursor (0.7.1)
    tty-editor (0.5.1)
      tty-prompt (~> 0.19)
      tty-which (~> 0.4)
    tty-file (0.8.0)
      diff-lcs (~> 1.3)
      pastel (~> 0.7.2)
      tty-prompt (~> 0.18)
    tty-font (0.4.0)
    tty-logger (0.2.0)
      pastel (~> 0.7.0)
    tty-markdown (0.6.0)
      kramdown (~> 1.16.2)
      pastel (~> 0.7.2)
      rouge (~> 3.3)
      strings (~> 0.1.4)
      tty-color (~> 0.4)
      tty-screen (~> 0.6)
    tty-pager (0.13.0)
      strings (~> 0.1.8)
      tty-screen (~> 0.8)
    tty-pie (0.3.0)
      pastel (~> 0.7.3)
      tty-cursor (~> 0.7)
    tty-platform (0.3.0)
    tty-progressbar (0.17.0)
      strings-ansi (~> 0.1.0)
      tty-cursor (~> 0.7)
      tty-screen (~> 0.7)
      unicode-display_width (~> 1.6)
    tty-prompt (0.21.0)
      necromancer (~> 0.5.0)
      pastel (~> 0.7.0)
      tty-reader (~> 0.7.0)
    tty-reader (0.7.0)
      tty-cursor (~> 0.7)
      tty-screen (~> 0.7)
      wisper (~> 2.0.0)
    tty-screen (0.8.1)
    tty-spinner (0.9.3)
      tty-cursor (~> 0.7)
    tty-table (0.11.0)
      equatable (~> 0.6)
      necromancer (~> 0.5)
      pastel (~> 0.7.2)
      strings (~> 0.1.5)
      tty-screen (~> 0.7)
    tty-tree (0.4.0)
    tty-which (0.4.2)
    uber (0.1.0)
    unicode-display_width (1.7.0)
    unicode_utils (1.4.0)
    wisper (2.0.1)

PLATFORMS
  ruby

DEPENDENCIES
  bundler (~> 1.17)
  constrinator!
  pry (~> 0.12.2)
  rake (~> 10.0)
  rspec (~> 3.0)

BUNDLED WITH
   1.17.2
